PATH
  remote: .
  specs:
    tap_rated_new_beers (0.1.0)

GEM
  remote: https://rubygems.org/
  specs:
    addressable (2.6.0)
      public_suffix (>= 2.0.2, < 4.0)
    aruba (0.14.8)
      childprocess (>= 0.6.3, < 1.1.0)
      contracts (~> 0.9)
      cucumber (>= 1.3.19)
      ffi (~> 1.9)
      rspec-expectations (>= 2.99)
      thor (~> 0.19)
    builder (3.2.3)
    childprocess (1.0.1)
      rake (< 13.0)
    colorize (0.8.1)
    contracts (0.16.0)
    cucumber (1.3.20)
      builder (>= 2.1.2)
      diff-lcs (>= 1.1.3)
      gherkin (~> 2.12)
      multi_json (>= 1.7.5, < 2.0)
      multi_test (>= 0.1.2)
    diff-lcs (1.3)
    ffi (1.10.0)
    gherkin (2.12.2)
      multi_json (~> 1.3)
    launchy (2.4.3)
      addressable (~> 2.3)
    multi_json (1.13.1)
    multi_test (0.1.2)
    public_suffix (3.0.3)
    rake (10.5.0)
    rspec (3.8.0)
      rspec-core (~> 3.8.0)
      rspec-expectations (~> 3.8.0)
      rspec-mocks (~> 3.8.0)
    rspec-core (3.8.0)
      rspec-support (~> 3.8.0)
    rspec-expectations (3.8.2)
      diff-lcs (>= 1.2.0, < 2.0)
      rspec-support (~> 3.8.0)
    rspec-mocks (3.8.0)
      diff-lcs (>= 1.2.0, < 2.0)
      rspec-support (~> 3.8.0)
    rspec-support (3.8.0)
    thor (0.20.3)

PLATFORMS
  ruby

DEPENDENCIES
  aruba
  bundler (~> 2.0)
  colorize (~> 0.8.1)
  cucumber (~> 1.3.20)
  launchy (~> 2.4, >= 2.4.3)
  rake (~> 10.0)
  rspec (~> 3.2)
  tap_rated_new_beers!

BUNDLED WITH
   2.0.1
